GEM
  remote: https://rubygems.org/
  specs:
    activesupport (5.2.4.3)
      concurrent-ruby (~> 1.0, >= 1.0.2)
      i18n (>= 0.7, < 2)
      minitest (~> 5.1)
      tzinfo (~> 1.1)
    addressable (2.7.0)
      public_suffix (>= 2.0.2, < 5.0)
    bcrypt (3.1.13)
    chronic (0.10.2)
    concurrent-ruby (1.1.6)
    contest (0.1.3)
    domain_name (0.5.20190701)
      unf (>= 0.0.5, < 1.0.0)
    dotenv (2.7.2)
    ffi (1.13.1-x64-mingw32)
    http (0.9.8)
      addressable (~> 2.3)
      http-cookie (~> 1.0)
      http-form_data (~> 1.0.1)
      http_parser.rb (~> 0.6.0)
    http-accept (1.7.0)
    http-cookie (1.0.3)
      domain_name (~> 0.5)
    http-form_data (1.0.3)
    http_parser.rb (0.6.0)
    httparty (0.15.7)
      multi_xml (>= 0.5.2)
    i18n (1.8.3)
      concurrent-ruby (~> 1.0)
    imgkit (1.6.2)
    mailjet (1.5.4)
      activesupport (>= 3.1.0)
      rack (>= 1.4.0)
      rest-client
    mime-types (3.3.1)
      mime-types-data (~> 3.2015)
    mime-types-data (3.2020.0512)
    minitest (5.14.1)
    multi_xml (0.6.0)
    net-scp (3.0.0)
      net-ssh (>= 2.6.5, < 7.0.0)
    net-ssh (6.1.0)
    netrc (0.11.0)
    nokogiri (1.13.3-x64-mingw32)
      racc (~> 1.4)
    nokogiri (1.13.3-x86_64-linux)
      racc (~> 1.4)
    pg (1.1.4)
    pg (1.1.4-x64-mingw32)
    power_assert (1.2.0)
    public_suffix (4.0.5)
    puma (3.11.0)
    racc (1.6.0)
    rack (2.0.7)
    rack-cors (1.0.2)
    rack-test (0.8.3)
      rack (>= 1.0, < 3)
    rake (12.3.1)
    rest-client (2.1.0)
      http-accept (>= 1.7.0, < 2.0)
      http-cookie (>= 1.0.2, < 2.0)
      mime-types (>= 1.16, < 4.0)
      netrc (~> 0.8)
    rest-client (2.1.0-x64-mingw32)
      ffi (~> 1.9)
      http-accept (>= 1.7.0, < 2.0)
      http-cookie (>= 1.0.2, < 2.0)
      mime-types (>= 1.16, < 4.0)
      netrc (~> 0.8)
    roda (3.15.0)
      rack
    roo (2.8.2)
      nokogiri (~> 1)
      rubyzip (>= 1.2.1, < 2.0.0)
    rubyzip (1.2.2)
    sequel (5.25.0)
    sequel-paranoid (0.7.0)
      sequel
    sequel_secure_password (0.2.15)
      bcrypt (>= 3.1, < 4.0)
      sequel (>= 4.1.0, < 6.0)
    sparkpost (0.1.4)
      http (= 0.9.8)
    sqlite3 (1.4.2)
    sshkit (1.20.0)
      net-scp (>= 1.1.2)
      net-ssh (>= 2.8.0)
    syck (1.4.0)
    test-unit (3.2.3)
      power_assert
    thread_safe (0.3.6)
    tzinfo (1.2.7)
      thread_safe (~> 0.1)
    unf (0.1.4)
      unf_ext
    unf_ext (0.0.7.7)
    unf_ext (0.0.7.7-x64-mingw32)
    whenever (1.0.0)
      chronic (>= 0.6.3)

PLATFORMS
  x64-mingw32
  x86_64-linux

DEPENDENCIES
  bcrypt (= 3.1.13)
  contest (= 0.1.3)
  dotenv (= 2.7.2)
  httparty (= 0.15.7)
  imgkit (= 1.6.2)
  mailjet (= 1.5.4)
  pg (= 1.1.4)
  puma (= 3.11.0)
  rack (= 2.0.7)
  rack-cors (= 1.0.2)
  rack-test (= 0.8.3)
  rake (= 12.3.1)
  roda (= 3.15.0)
  roo (= 2.8.2)
  rubyzip (= 1.2.2)
  sequel (= 5.25.0)
  sequel-paranoid (= 0.7.0)
  sequel_secure_password (= 0.2.15)
  sparkpost (= 0.1.4)
  sqlite3 (= 1.4.2)
  sshkit (= 1.20)
  syck (= 1.4.0)
  test-unit (= 3.2.3)
  whenever (= 1.0.0)

BUNDLED WITH
   2.0.2
